PATH
  remote: .
  specs:
    rubytree (0.9.7)
      json (~> 1.8)

GEM
  remote: https://rubygems.org/
  specs:
    diff-lcs (1.3)
    json (1.8.6)
    power_assert (1.0.1)
    rake (10.5.0)
    rdoc (4.3.0)
    rspec (3.5.0)
      rspec-core (~> 3.5.0)
      rspec-expectations (~> 3.5.0)
      rspec-mocks (~> 3.5.0)
    rspec-core (3.5.4)
      rspec-support (~> 3.5.0)
    rspec-expectations (3.5.0)
      diff-lcs (>= 1.2.0, < 2.0)
      rspec-support (~> 3.5.0)
    rspec-mocks (3.5.0)
      diff-lcs (>= 1.2.0, < 2.0)
      rspec-support (~> 3.5.0)
    rspec-support (3.5.0)
    rtags (0.97)
    rtagstask (0.0.4)
      rtags (> 0.0.0)
    test-unit (3.2.3)
      power_assert
    yard (0.9.8)

PLATFORMS
  ruby

DEPENDENCIES
  bundler (~> 1.7)
  coveralls (>= 0.7)
  rake (~> 10.4)
  rdoc (~> 4.2)
  rspec (>= 3.4)
  rtagstask (~> 0.0)
  rubytree!
  test-unit (~> 3.0)
  yard (~> 0.8)

BUNDLED WITH
   1.13.7
