PATH
  remote: .
  specs:
    rubytree (0.9.5pre6)
      json (~> 1.8)
      structured_warnings (~> 0.1)

GEM
  remote: https://rubygems.org/
  specs:
    coveralls (0.7.2)
      multi_json (~> 1.3)
      rest-client (= 1.6.7)
      simplecov (>= 0.7)
      term-ansicolor (= 1.2.2)
      thor (= 0.18.1)
    docile (1.1.5)
    json (1.8.1)
    mime-types (2.4.3)
    multi_json (1.10.1)
    power_assert (0.2.2)
    rake (10.4.2)
    rdoc (4.2.0)
      json (~> 1.4)
    rest-client (1.6.7)
      mime-types (>= 1.16)
    rtags (0.97)
    rtagstask (0.0.4)
      rtags (> 0.0.0)
    simplecov (0.9.1)
      docile (~> 1.1.0)
      multi_json (~> 1.0)
      simplecov-html (~> 0.8.0)
    simplecov-html (0.8.0)
    structured_warnings (0.1.4)
    term-ansicolor (1.2.2)
      tins (~> 0.8)
    test-unit (3.0.9)
      power_assert
    thor (0.18.1)
    tins (0.13.2)
    yard (0.8.7.6)

PLATFORMS
  ruby

DEPENDENCIES
  bundler (~> 1.7)
  coveralls (>= 0.7)
  rake (~> 10.4)
  rdoc (~> 4.2)
  rtagstask (~> 0.0)
  rubytree!
  test-unit (~> 3.0)
  yard (~> 0.8)
