PATH
  remote: .
  specs:
    rubytree (2.1.0)
      json (~> 2.0, > 2.3.1)

GEM
  remote: https://rubygems.org/
  specs:
    ast (2.4.2)
    diff-lcs (1.5.1)
    docile (1.4.1)
    json (2.7.2)
    language_server-protocol (3.17.0.3)
    parallel (1.26.2)
    parser (3.3.4.2)
      ast (~> 2.4.1)
      racc
    power_assert (2.0.3)
    psych (5.1.2)
      stringio
    racc (1.8.1)
    rainbow (3.1.1)
    rake (13.2.1)
    rdoc (6.7.0)
      psych (>= 4.0.0)
    regexp_parser (2.9.2)
    rexml (3.3.9)
    rspec (3.13.0)
      rspec-core (~> 3.13.0)
      rspec-expectations (~> 3.13.0)
      rspec-mocks (~> 3.13.0)
    rspec-core (3.13.0)
      rspec-support (~> 3.13.0)
    rspec-expectations (3.13.1)
      diff-lcs (>= 1.2.0, < 2.0)
      rspec-support (~> 3.13.0)
    rspec-mocks (3.13.1)
      diff-lcs (>= 1.2.0, < 2.0)
      rspec-support (~> 3.13.0)
    rspec-support (3.13.1)
    rtags (0.97)
    rtagstask (0.0.4)
      rtags (> 0.0.0)
    rubocop (1.65.1)
      json (~> 2.3)
      language_server-protocol (>= 3.17.0)
      parallel (~> 1.10)
      parser (>= 3.3.0.2)
      rainbow (>= 2.2.2, < 4.0)
      regexp_parser (>= 2.4, < 3.0)
      rexml (>= 3.2.5, < 4.0)
      rubocop-ast (>= 1.31.1, < 2.0)
      ruby-progressbar (~> 1.7)
      unicode-display_width (>= 2.4.0, < 3.0)
    rubocop-ast (1.32.0)
      parser (>= 3.3.1.0)
    rubocop-rake (0.6.0)
      rubocop (~> 1.0)
    rubocop-rspec (3.0.4)
      rubocop (~> 1.61)
    ruby-progressbar (1.13.0)
    simplecov (0.22.0)
      docile (~> 1.1)
      simplecov-html (~> 0.11)
      simplecov_json_formatter (~> 0.1)
    simplecov-html (0.12.3)
    simplecov-lcov (0.8.0)
    simplecov_json_formatter (0.1.4)
    stringio (3.1.1)
    test-unit (3.6.2)
      power_assert
    unicode-display_width (2.5.0)
    yard (0.9.36)

PLATFORMS
  ruby

DEPENDENCIES
  bundler (~> 2.3)
  rake (~> 13.2)
  rdoc (~> 6.7)
  rspec (~> 3.0, > 3.10)
  rtagstask (~> 0.0.4)
  rubocop (~> 1.65)
  rubocop-rake (~> 0.6)
  rubocop-rspec (~> 3.0)
  rubytree!
  simplecov (~> 0.22)
  simplecov-lcov (~> 0.8)
  test-unit (~> 3.6)
  yard (~> 0.0, >= 0.9.36)

BUNDLED WITH
   2.3.4
